GEM
  remote: http://rubygems.org/
  specs:
    chipmunk (5.3.4.5)
    coderay (1.0.9)
    diff-lcs (1.2.1)
    gosu (0.7.45)
    method_source (0.8.1)
    pry (0.9.12)
      coderay (~> 1.0.5)
      method_source (~> 0.8)
      slop (~> 3.4)
    rspec (2.13.0)
      rspec-core (~> 2.13.0)
      rspec-expectations (~> 2.13.0)
      rspec-mocks (~> 2.13.0)
    rspec-core (2.13.1)
    rspec-expectations (2.13.0)
      diff-lcs (>= 1.1.3, < 2.0)
    rspec-mocks (2.13.0)
    slop (3.4.4)

PLATFORMS
  ruby

DEPENDENCIES
  chipmunk
  gosu
  pry
  rspec
